GEM
  remote: https://rubygems.org/
  specs:
    nio4r (2.5.9)
    puma (6.2.1)
      nio4r (~> 2.0)
    rack (3.0.7)

PLATFORMS
  arm64-darwin-22

DEPENDENCIES
  puma
  rack

BUNDLED WITH
   2.4.12
